GEM
  remote: https://rubygems.org/
  specs:
    coderay (1.1.3)
    csv (3.2.7)
    ffi (1.15.5)
    listen (3.8.0)
      rb-fsevent (~> 0.10, >= 0.10.3)
      rb-inotify (~> 0.9, >= 0.9.10)
    method_source (1.0.0)
    mustermann (3.0.0)
      ruby2_keywords (~> 0.0.1)
    pry (0.14.2)
      coderay (~> 1.1)
      method_source (~> 1.0)
    rack (2.2.7)
    rack-protection (3.0.6)
      rack
    rb-fsevent (0.11.2)
    rb-inotify (0.10.1)
      ffi (~> 1.0)
    rerun (0.14.0)
      listen (~> 3.0)
    ruby2_keywords (0.0.5)
    sinatra (3.0.6)
      mustermann (~> 3.0)
      rack (~> 2.2, >= 2.2.4)
      rack-protection (= 3.0.6)
      tilt (~> 2.0)
    tilt (2.2.0)
    webrick (1.8.1)

PLATFORMS
  x86_64-darwin-21

DEPENDENCIES
  csv (~> 3.2)
  pry
  rerun (~> 0.14.0)
  sinatra
  webrick

RUBY VERSION
   ruby 3.0.0p0

BUNDLED WITH
   2.2.3
